PATH
  remote: .
  specs:
    file_convert (0.0.0)
      google-api-client (~> 0.6.2)
      mime-types (~> 1.21)

GEM
  remote: https://rubygems.org/
  specs:
    addressable (2.3.3)
    autoparse (0.3.2)
      addressable (>= 2.3.1)
      extlib (>= 0.9.15)
      multi_json (>= 1.0.0)
    diff-lcs (1.2.1)
    extlib (0.9.16)
    faraday (0.8.6)
      multipart-post (~> 1.1)
    google-api-client (0.6.2)
      addressable (>= 2.3.2)
      autoparse (>= 0.3.2)
      extlib (>= 0.9.15)
      faraday (~> 0.8.4)
      jwt (>= 0.1.5)
      launchy (>= 2.1.1)
      multi_json (>= 1.0.0)
      signet (>= 0.4.4)
      uuidtools (>= 2.1.0)
    jwt (0.1.8)
      multi_json (>= 1.5)
    launchy (2.2.0)
      addressable (~> 2.3)
    mime-types (1.21)
    multi_json (1.7.1)
    multipart-post (1.2.0)
    rspec (2.13.0)
      rspec-core (~> 2.13.0)
      rspec-expectations (~> 2.13.0)
      rspec-mocks (~> 2.13.0)
    rspec-core (2.13.1)
    rspec-expectations (2.13.0)
      diff-lcs (>= 1.1.3, < 2.0)
    rspec-mocks (2.13.0)
    signet (0.4.5)
      addressable (>= 2.2.3)
      faraday (~> 0.8.1)
      jwt (>= 0.1.5)
      multi_json (>= 1.0.0)
    uuidtools (2.1.3)

PLATFORMS
  ruby

DEPENDENCIES
  file_convert!
  rspec
